GIT
  remote: https://github.com/quintel/merit.git
  revision: dbbfc4395dc49655f89c75fec78957e8fdd8d164
  ref: dbbfc43
  specs:
    quintel_merit (0.1.0)
      numo-narray
      terminal-table

GEM
  remote: https://rubygems.org/
  specs:
    numo-narray (0.9.2.0)
    terminal-table (3.0.2)
      unicode-display_width (>= 1.1.1, < 3)
    unicode-display_width (2.1.0)

PLATFORMS
  ruby

DEPENDENCIES
  quintel_merit!

RUBY VERSION
   ruby 2.5.1p57

BUNDLED WITH
   2.1.4
